GIT
  remote: git://github.com/dwaynemac/accounts_client.git
  revision: 11c75981f4771da65f534cdd2988c36dcc799e99
  specs:
    accounts_client (0.2.13)
      gravtastic
      logical_model (>= 0.5.8)
      railties (>= 3.1)

GIT
  remote: git://github.com/fog/fog.git
  revision: 272bc6b2a2769f8d1a8b50b1f6cd9741db4969b4
  ref: 272bc6b2a2769f8d1a8b50b1f6cd9741db4969b4
  specs:
    fog (1.19.0)
      builder
      excon (~> 0.31.0)
      formatador (~> 0.2.0)
      mime-types
      multi_json (~> 1.0)
      net-scp (~> 1.1)
      net-ssh (>= 2.1.3)
      nokogiri (>= 1.5.11)

GIT
  remote: git://github.com/plataformatec/devise.git
  revision: 69f79ad446101b45bf7ec29d290dc2be96142686
  branch: rails4
  specs:
    devise (2.2.3)
      bcrypt-ruby (~> 3.0)
      orm_adapter (~> 0.1)
      railties (>= 3.2.6, < 5)
      warden (~> 1.2.1)

GEM
  remote: https://rubygems.org/
  specs:
    actionmailer (4.0.0.rc1)
      actionpack (= 4.0.0.rc1)
      mail (~> 2.5.3)
    actionpack (4.0.0.rc1)
      activesupport (= 4.0.0.rc1)
      builder (~> 3.1.0)
      erubis (~> 2.7.0)
      rack (~> 1.5.2)
      rack-test (~> 0.6.2)
    activemodel (4.0.0.rc1)
      activesupport (= 4.0.0.rc1)
      builder (~> 3.1.0)
    activerecord (4.0.0.rc1)
      activemodel (= 4.0.0.rc1)
      activerecord-deprecated_finders (~> 1.0.2)
      activesupport (= 4.0.0.rc1)
      arel (~> 4.0.0)
    activerecord-deprecated_finders (1.0.2)
    activerecord-session_store (0.0.1)
      actionpack (>= 4.0.0.beta, < 5)
      activerecord (>= 4.0.0.beta, < 5)
      railties (>= 4.0.0.beta, < 5)
    activesupport (4.0.0.rc1)
      i18n (~> 0.6, >= 0.6.4)
      minitest (~> 4.2)
      multi_json (~> 1.3)
      thread_safe (~> 0.1)
      tzinfo (~> 0.3.37)
    activity_stream_client (0.0.16)
      logical_model (>= 0.5.0)
      railties (>= 3.1)
    angularjs-rails (1.0.6.1)
    appsignal (0.11.9)
      rack
      thread_safe
    arel (4.0.0)
    bcrypt-ruby (3.0.1)
    better_errors (0.8.0)
      coderay (>= 1.0.0)
      erubis (>= 2.6.6)
    binding_of_caller (0.7.1)
      debug_inspector (>= 0.0.1)
    bootstrap-multiselect-rails (0.0.4)
      railties (>= 3.2.0, < 5.0)
    builder (3.1.4)
    byebug (2.3.1)
      columnize (~> 0.3.6)
      debugger-linecache (~> 1.2.0)
    cancan (1.6.10)
    carrierwave (0.9.0)
      activemodel (>= 3.2.0)
      activesupport (>= 3.2.0)
      json (>= 1.7)
    coderay (1.0.9)
    coffee-rails (4.0.0)
      coffee-script (>= 2.2.0)
      railties (>= 4.0.0.beta, < 5.0)
    coffee-script (2.2.0)
      coffee-script-source
      execjs
    coffee-script-source (1.6.2)
    columnize (0.3.6)
    commonjs (0.2.7)
    contacts_client (0.0.38)
      logical_model (>= 0.6.1)
      railties (>= 3.1)
    coveralls (0.7.0)
      multi_json (~> 1.3)
      rest-client
      simplecov (>= 0.7)
      term-ansicolor
      thor
    crack (0.4.2)
      safe_yaml (~> 1.0.0)
    database_cleaner (1.2.0)
    debug_inspector (0.0.2)
    debugger-linecache (1.2.0)
    delayed_job (4.0.0)
      activesupport (>= 3.0, < 4.1)
    delayed_job_active_record (4.0.0)
      activerecord (>= 3.0, < 4.1)
      delayed_job (>= 3.0, < 4.1)
    devise_cas_authenticatable (1.3.7)
      devise (>= 1.2.0)
      rubycas-client (>= 2.2.1)
    diff-lcs (1.2.4)
    docile (1.1.1)
    dotenv (0.7.0)
    erubis (2.7.0)
    ethon (0.4.2)
      ffi (~> 1.0.11)
      mime-types (~> 1.18)
    excon (0.31.0)
    execjs (1.4.0)
      multi_json (~> 1.0)
    factory_girl (4.2.0)
      activesupport (>= 3.0.0)
    factory_girl_rails (4.2.1)
      factory_girl (~> 4.2.0)
      railties (>= 3.0.0)
    ffi (1.0.11)
    figaro (0.7.0)
      bundler (~> 1.0)
      rails (>= 3, < 5)
    foreman (0.63.0)
      dotenv (>= 0.7)
      thor (>= 0.13.6)
    formatador (0.2.4)
    git-pivotal-tracker-integration (1.4.0)
      highline (~> 1.6)
      pivotal-tracker (~> 0.5)
    gravtastic (3.2.6)
    happymapper (0.4.1)
      libxml-ruby (~> 2.0)
    heroku-api (0.3.18)
      excon (~> 0.27)
      multi_json (~> 1.8)
    highline (1.6.21)
    hike (1.2.2)
    i18n (0.6.11)
    intercom-rails (0.2.27)
      activesupport (> 3.0)
    jbuilder (1.0.2)
      activesupport (>= 3.0.0)
    jquery-rails (2.2.1)
      railties (>= 3.0, < 5.0)
      thor (>= 0.14, < 2.0)
    json (1.7.7)
    kaminari (0.13.0)
      actionpack (>= 3.0.0)
      activesupport (>= 3.0.0)
      railties (>= 3.0.0)
    less (2.4.0)
      commonjs (~> 0.2.7)
    less-rails (2.4.2)
      actionpack (>= 3.1)
      less (~> 2.4.0)
    less-rails-bootstrap (3.0.6)
      less-rails (~> 2.4.2)
    libv8 (3.16.14.7)
    libxml-ruby (2.7.0)
    logical_model (0.6.1)
      activemodel
      activesupport
      ethon (= 0.4.2)
      kaminari (~> 0.13.0)
      typhoeus (= 0.5.0.alpha)
    mail (2.5.3)
      i18n (>= 0.4.0)
      mime-types (~> 1.16)
      treetop (~> 1.4.8)
    messaging_client (0.0.4)
      logical_model (>= 0.5.0)
      railties (>= 3.1)
    method_source (0.8.2)
    mime-types (1.25.1)
    mini_portile (0.5.2)
    minitest (4.7.5)
    multi_json (1.11.1)
    net-scp (1.1.2)
      net-ssh (>= 2.6.5)
    net-ssh (2.7.0)
    nokogiri (1.6.1)
      mini_portile (~> 0.5.0)
    nokogiri-happymapper (0.5.9)
      nokogiri (~> 1.5)
    orm_adapter (0.4.0)
    padma-assets (0.1.20)
      railties (>= 3.1)
    pg (0.15.1)
    pivotal-tracker (0.5.12)
      builder
      crack
      happymapper (>= 0.3.2)
      nokogiri (>= 1.4.3)
      nokogiri (>= 1.5.5)
      nokogiri-happymapper (>= 0.5.4)
      rest-client (~> 1.6.0)
    polyglot (0.3.3)
    protected_attributes (1.0.1)
      activemodel (>= 4.0.0.beta, < 5.0)
    pry (0.9.12.6)
      coderay (~> 1.0)
      method_source (~> 0.8)
      slop (~> 3.4)
    rack (1.5.5)
    rack-test (0.6.3)
      rack (>= 1.0)
    rails (4.0.0.rc1)
      actionmailer (= 4.0.0.rc1)
      actionpack (= 4.0.0.rc1)
      activerecord (= 4.0.0.rc1)
      activesupport (= 4.0.0.rc1)
      bundler (>= 1.3.0, < 2.0)
      railties (= 4.0.0.rc1)
      sprockets-rails (~> 2.0.0.rc4)
    rails-i18n (0.7.3)
      i18n (~> 0.5)
    rails_12factor (0.0.2)
      rails_serve_static_assets
      rails_stdout_logging
    rails_serve_static_assets (0.0.2)
    rails_stdout_logging (0.0.3)
    railties (4.0.0.rc1)
      actionpack (= 4.0.0.rc1)
      activesupport (= 4.0.0.rc1)
      rake (>= 0.8.7)
      thor (>= 0.18.1, < 2.0)
    rake (10.4.2)
    rdoc (3.12.2)
      json (~> 1.4)
    ref (1.0.5)
    rest-client (1.6.7)
      mime-types (>= 1.16)
    rspec-core (2.13.1)
    rspec-expectations (2.13.0)
      diff-lcs (>= 1.1.3, < 2.0)
    rspec-mocks (2.13.1)
    rspec-rails (2.13.1)
      actionpack (>= 3.0)
      activesupport (>= 3.0)
      railties (>= 3.0)
      rspec-core (~> 2.13.0)
      rspec-expectations (~> 2.13.0)
      rspec-mocks (~> 2.13.0)
    rubycas-client (2.3.9)
      activesupport
    rush (0.6.8)
      session
    safe_yaml (1.0.3)
    sass (3.2.9)
    sass-rails (4.0.0.rc1)
      railties (>= 4.0.0.beta, < 5.0)
      sass (>= 3.1.10)
      sprockets-rails (~> 2.0.0.rc0)
      tilt (~> 1.3)
    sdoc (0.3.20)
      json (>= 1.1.3)
      rdoc (~> 3.10)
    select2-rails (3.2.1)
      thor (~> 0.14)
    session (3.2.0)
    shoulda-matchers (2.3.0)
      activesupport (>= 3.0.0)
    simplecov (0.8.2)
      docile (~> 1.1.0)
      multi_json
      simplecov-html (~> 0.8.0)
    simplecov-html (0.8.0)
    slop (3.6.0)
    sprockets (2.9.3)
      hike (~> 1.2)
      multi_json (~> 1.0)
      rack (~> 1.0)
      tilt (~> 1.1, != 1.3.0)
    sprockets-rails (2.0.0.rc4)
      actionpack (>= 3.0)
      activesupport (>= 3.0)
      sprockets (~> 2.8)
    sqlite3 (1.3.7)
    term-ansicolor (1.2.2)
      tins (~> 0.8)
    therubyracer (0.12.1)
      libv8 (~> 3.16.14.0)
      ref
    thor (0.19.1)
    thread_safe (0.3.5)
    tilt (1.4.0)
    timeliness (0.3.7)
    tins (0.13.1)
    treetop (1.4.12)
      polyglot
      polyglot (>= 0.3.1)
    turbolinks (1.1.1)
      coffee-rails
    typhoeus (0.5.0.alpha)
      ethon (~> 0.4.2)
    tzinfo (0.3.44)
    uglifier (2.0.1)
      execjs (>= 0.3.0)
      multi_json (~> 1.0, >= 1.0.2)
    validates_timeliness (3.0.14)
      timeliness (~> 0.3.6)
    warden (1.2.1)
      rack (>= 1.0)
    workless (1.2.3)
      delayed_job (>= 2.0.7)
      heroku-api
      rails
      rush
    yard (0.8.7)
    yard-restful (1.2.2)
      yard (~> 0.8.3)

PLATFORMS
  ruby

DEPENDENCIES
  accounts_client!
  activerecord-session_store
  activity_stream_client (= 0.0.16)
  angularjs-rails
  appsignal (= 0.11.9)
  better_errors
  binding_of_caller
  bootstrap-multiselect-rails
  byebug
  cancan
  carrierwave
  coffee-rails (~> 4.0.0)
  contacts_client (~> 0.0.38)
  coveralls
  database_cleaner
  delayed_job_active_record
  devise!
  devise_cas_authenticatable (~> 1.3.7)
  factory_girl_rails
  figaro
  fog!
  foreman
  git-pivotal-tracker-integration
  i18n (~> 0.6.6)
  intercom-rails
  jbuilder (~> 1.0.1)
  jquery-rails
  less-rails-bootstrap (~> 3.0.6)
  messaging_client (~> 0.0.4)
  padma-assets (= 0.1.20)
  pg
  protected_attributes
  pry
  rails (= 4.0.0.rc1)
  rails-i18n
  rails_12factor
  rspec-rails
  sass-rails (~> 4.0.0.rc1)
  sdoc
  select2-rails
  shoulda-matchers
  sqlite3
  therubyracer (= 0.12.1)
  turbolinks
  uglifier (>= 1.3.0)
  validates_timeliness
  workless
  yard (~> 0.8.3)
  yard-restful

BUNDLED WITH
   1.10.4
